PATH
  remote: ../bloc_record
  specs:
    bloc_record (0.0.0)
      sqlite3 (~> 1.3)

GEM
  remote: https://rubygems.org/
  specs:
    sqlite3 (1.3.11)

PLATFORMS
  ruby

DEPENDENCIES
  bloc_record!
  sqlite3

BUNDLED WITH
   1.10.6
